GIT
  remote: https://github.com/pry/pry.git
  revision: 90d127778f3f4e9581d9dfb5c17851af48867186
  ref: 90d127778f3f4e9581d9dfb5c17851af48867186
  specs:
    pry (0.10.3)
      coderay (~> 1.1.0)
      method_source (~> 0.8.1)

GEM
  remote: https://rubygems.org/
  specs:
    addressable (2.4.0)
    ansi (1.5.0)
    awesome_print (1.6.1)
    backports (3.6.8)
    bcrypt (3.1.11)
    builder (3.2.2)
    coderay (1.1.1)
    daemons (1.2.3)
    docile (1.1.5)
    erubis (2.7.0)
    eventmachine (1.2.0.1)
    json (1.8.3)
    method_source (0.8.2)
    mini_portile2 (2.0.0)
    minitest (5.8.4)
    minitest-reporters (1.1.8)
      ansi
      builder
      minitest (>= 5.0)
      ruby-progressbar
    multi_json (1.11.2)
    nokogiri (1.6.7.2)
      mini_portile2 (~> 2.0.0.rc2)
    power_assert (0.2.2)
    pry-power_assert (0.0.2)
      power_assert (>= 0.2.0)
      pry (>= 0.9.8)
    puma (3.2.0)
    rack (1.6.4)
    rack-protection (1.5.3)
      rack
    rack-test (0.6.3)
      rack (>= 1.0)
    redcarpet (3.3.4)
    ruby-progressbar (1.7.5)
    simplecov (0.11.2)
      docile (~> 1.1.0)
      json (~> 1.8)
      simplecov-html (~> 0.10.0)
    simplecov-html (0.10.0)
    sinatra (1.4.7)
      rack (~> 1.5)
      rack-protection (~> 1.4)
      tilt (>= 1.3, < 3)
    sinatra-contrib (1.4.7)
      backports (>= 2.0)
      multi_json
      rack-protection
      rack-test
      sinatra (~> 1.4.0)
      tilt (>= 1.3, < 3)
    thin (1.6.4)
      daemons (~> 1.0, >= 1.0.9)
      eventmachine (~> 1.0, >= 1.0.4)
      rack (~> 1.0)
    tilt (2.0.2)

PLATFORMS
  ruby

DEPENDENCIES
  addressable (~> 2.4.0)
  awesome_print
  bcrypt (~> 3.1.11)
  erubis (~> 2.7.0)
  minitest (~> 5.8.4)
  minitest-reporters (~> 1.1.8)
  nokogiri (~> 1.6.7)
  pry!
  pry-power_assert (~> 0.0.2)
  puma (~> 3.2.0)
  rack (~> 1.6.4)
  redcarpet (~> 3.3.4)
  simplecov (~> 0.11.2)
  sinatra (~> 1.4.7)
  sinatra-contrib (~> 1.4.7)
  thin (~> 1.6.4)

BUNDLED WITH
   1.11.2
